GEM
  remote: https://rubygems.org/
  specs:
    activemodel (3.2.8)
      activesupport (= 3.2.8)
      builder (~> 3.0.0)
    activesupport (3.2.8)
      i18n (~> 0.6)
      multi_json (~> 1.0)
    builder (3.0.4)
    daemons (1.1.9)
    eventmachine (1.0.0)
    extlib (0.9.15)
    i18n (0.6.1)
    json (1.7.5)
    json_builder (3.1.7)
      activesupport (>= 2.0.0)
      json
    mime-types (1.19)
    mojito (0.3.0)
      extlib (~> 0.9.15)
      json_builder (~> 3.1.7)
      mime-types (~> 1.18)
      rack (~> 1.4.0)
      tilt (~> 1.3.3)
      where-am-i (~> 1.0.0)
    mongoid (3.0.9)
      activemodel (~> 3.1)
      moped (~> 1.1)
      origin (~> 1.0)
      tzinfo (~> 0.3.22)
    mongoid-tree (1.0.1)
      mongoid (>= 3.0, <= 4.0)
    moped (1.2.7)
    multi_json (1.3.6)
    origin (1.0.9)
    rack (1.4.1)
    thin (1.5.0)
      daemons (>= 1.0.9)
      eventmachine (>= 0.12.6)
      rack (>= 1.0.0)
    tilt (1.3.3)
    tzinfo (0.3.33)
    where-am-i (1.0.0)

PLATFORMS
  ruby

DEPENDENCIES
  extlib
  mojito
  mongoid
  mongoid-tree
  thin
